GIT
  remote: https://github.com/bugsnag/maze-runner
  revision: 50e354dd25d96291796ed333be0e32ba37240107
  tag: v6.10.0
  specs:
    bugsnag-maze-runner (6.10.0)
      appium_lib (~> 11.2.0)
      bugsnag (~> 6.24)
      cucumber (~> 7.1)
      cucumber-expressions (~> 6.0.0)
      curb (~> 0.9.6)
      optimist (~> 3.0.1)
      os (~> 1.0.0)
      rake (~> 12.3.3)
      rubyzip (~> 2.3.2)
      selenium-webdriver (~> 3.11)
      test-unit (~> 3.5.2)
      webrick (~> 1.7.0)

GEM
  remote: https://rubygems.org/
  specs:
    appium_lib (11.2.0)
      appium_lib_core (~> 4.1)
      nokogiri (~> 1.8, >= 1.8.1)
      tomlrb (~> 1.1)
    appium_lib_core (4.7.1)
      faye-websocket (~> 0.11.0)
      selenium-webdriver (~> 3.14, >= 3.14.1)
    bugsnag (6.24.2)
      concurrent-ruby (~> 1.0)
    builder (3.2.4)
    childprocess (3.0.0)
    concurrent-ruby (1.1.10)
    cucumber (7.1.0)
      builder (~> 3.2, >= 3.2.4)
      cucumber-core (~> 10.1, >= 10.1.0)
      cucumber-create-meta (~> 6.0, >= 6.0.1)
      cucumber-cucumber-expressions (~> 14.0, >= 14.0.0)
      cucumber-gherkin (~> 22.0, >= 22.0.0)
      cucumber-html-formatter (~> 17.0, >= 17.0.0)
      cucumber-messages (~> 17.1, >= 17.1.1)
      cucumber-wire (~> 6.2, >= 6.2.0)
      diff-lcs (~> 1.4, >= 1.4.4)
      mime-types (~> 3.3, >= 3.3.1)
      multi_test (~> 0.1, >= 0.1.2)
      sys-uname (~> 1.2, >= 1.2.2)
    cucumber-core (10.1.1)
      cucumber-gherkin (~> 22.0, >= 22.0.0)
      cucumber-messages (~> 17.1, >= 17.1.1)
      cucumber-tag-expressions (~> 4.1, >= 4.1.0)
    cucumber-create-meta (6.0.4)
      cucumber-messages (~> 17.1, >= 17.1.1)
      sys-uname (~> 1.2, >= 1.2.2)
    cucumber-cucumber-expressions (14.0.0)
    cucumber-expressions (6.0.1)
    cucumber-gherkin (22.0.0)
      cucumber-messages (~> 17.1, >= 17.1.1)
    cucumber-html-formatter (17.0.0)
      cucumber-messages (~> 17.1, >= 17.1.0)
    cucumber-messages (17.1.1)
    cucumber-tag-expressions (4.1.0)
    cucumber-wire (6.2.1)
      cucumber-core (~> 10.1, >= 10.1.0)
      cucumber-cucumber-expressions (~> 14.0, >= 14.0.0)
    curb (0.9.11)
    diff-lcs (1.5.0)
    eventmachine (1.2.7)
    faye-websocket (0.11.1)
      eventmachine (>= 0.12.0)
      websocket-driver (>= 0.5.1)
    ffi (1.15.5)
    license_finder (6.15.0)
      bundler
      rubyzip (>= 1, < 3)
      thor (~> 1.0.1)
      tomlrb (>= 1.3, < 2.1)
      with_env (= 1.1.0)
      xml-simple (~> 1.1.5)
    mime-types (3.4.1)
      mime-types-data (~> 3.2015)
    mime-types-data (3.2022.0105)
    mini_portile2 (2.8.0)
    multi_test (0.1.2)
    nokogiri (1.13.4)
      mini_portile2 (~> 2.8.0)
      racc (~> 1.4)
    nokogiri (1.13.4-x86_64-darwin)
      racc (~> 1.4)
    optimist (3.0.1)
    os (1.0.1)
    power_assert (2.0.1)
    racc (1.6.0)
    rake (12.3.3)
    rexml (3.2.5)
    rubyzip (2.3.2)
    selenium-webdriver (3.142.7)
      childprocess (>= 0.5, < 4.0)
      rubyzip (>= 1.2.2)
    sys-uname (1.2.2)
      ffi (~> 1.1)
    test-unit (3.5.3)
      power_assert
    thor (1.0.1)
    tomlrb (1.3.0)
    webrick (1.7.0)
    websocket-driver (0.7.5)
      websocket-extensions (>= 0.1.0)
    websocket-extensions (0.1.5)
    with_env (1.1.0)
    xml-simple (1.1.9)
      rexml

PLATFORMS
  x86_64-darwin-19
  x86_64-darwin-20

DEPENDENCIES
  bugsnag-maze-runner!
  license_finder (~> 6.13)

BUNDLED WITH
   2.3.0
