GIT
  remote: git@github.com:bugsnag/maze-runner
  revision: 65bdcb7a135ef0a5864d03c454f7a1654f850237
  specs:
    bugsnag-maze-runner (1.0.0)
      cucumber (~> 3.1.0)
      minitest (~> 5.0)
      rack (~> 2.0.0)
      test-unit (~> 3.2.0)

GEM
  remote: https://rubygems.org/
  specs:
    backports (3.11.1)
    builder (3.2.3)
    coderay (1.1.2)
    cucumber (3.1.0)
      builder (>= 2.1.2)
      cucumber-core (~> 3.1.0)
      cucumber-expressions (~> 5.0.4)
      cucumber-wire (~> 0.0.1)
      diff-lcs (~> 1.3)
      gherkin (~> 5.0)
      multi_json (>= 1.7.5, < 2.0)
      multi_test (>= 0.1.2)
    cucumber-core (3.1.0)
      backports (>= 3.8.0)
      cucumber-tag_expressions (~> 1.1.0)
      gherkin (>= 5.0.0)
    cucumber-expressions (5.0.13)
    cucumber-tag_expressions (1.1.1)
    cucumber-wire (0.0.1)
    diff-lcs (1.3)
    gherkin (5.0.0)
    method_source (0.9.0)
    minitest (5.11.3)
    multi_json (1.13.1)
    multi_test (0.1.2)
    power_assert (1.1.1)
    pry (0.11.3)
      coderay (~> 1.1.0)
      method_source (~> 0.9.0)
    rack (2.0.4)
    test-unit (3.2.7)
      power_assert

PLATFORMS
  ruby

DEPENDENCIES
  bugsnag-maze-runner!
  pry

BUNDLED WITH
   1.16.1
