GIT
  remote: https://github.com/bugsnag/maze-runner
  revision: 06d2a4d4e07fe78e67d94eb757ea85c2f8747533
  tag: v3.7.4
  specs:
    bugsnag-maze-runner (3.7.4)
      appium_lib (~> 10.2)
      boring (~> 0.1.0)
      cucumber (~> 3.1.2)
      cucumber-expressions (~> 6.0.0)
      curb (~> 0.9.6)
      gherkin (~> 5.1.0)
      minitest (~> 5.0)
      optimist (~> 3.0.1)
      os (~> 1.0.0)
      rake (~> 12.3.3)
      selenium-webdriver (~> 3.11)
      test-unit (~> 3.3.0)

GEM
  remote: https://rubygems.org/
  specs:
    appium_lib (10.6.0)
      appium_lib_core (~> 3.3)
      nokogiri (~> 1.8, >= 1.8.1)
      tomlrb (~> 1.1)
    appium_lib_core (3.11.1)
      faye-websocket (~> 0.11.0)
      selenium-webdriver (~> 3.14, >= 3.14.1)
    backports (3.21.0)
    boring (0.1.0)
    builder (3.2.4)
    childprocess (3.0.0)
    coderay (1.1.3)
    cucumber (3.1.2)
      builder (>= 2.1.2)
      cucumber-core (~> 3.2.0)
      cucumber-expressions (~> 6.0.1)
      cucumber-wire (~> 0.0.1)
      diff-lcs (~> 1.3)
      gherkin (~> 5.1.0)
      multi_json (>= 1.7.5, < 2.0)
      multi_test (>= 0.1.2)
    cucumber-core (3.2.1)
      backports (>= 3.8.0)
      cucumber-tag_expressions (~> 1.1.0)
      gherkin (~> 5.0)
    cucumber-expressions (6.0.1)
    cucumber-tag_expressions (1.1.1)
    cucumber-wire (0.0.1)
    curb (0.9.11)
    diff-lcs (1.4.4)
    eventmachine (1.2.7)
    faye-websocket (0.11.1)
      eventmachine (>= 0.12.0)
      websocket-driver (>= 0.5.1)
    gherkin (5.1.0)
    method_source (1.0.0)
    minitest (5.14.4)
    multi_json (1.15.0)
    multi_test (0.1.2)
    nokogiri (1.12.5-x86_64-darwin)
      racc (~> 1.4)
    optimist (3.0.1)
    os (1.0.1)
    power_assert (2.0.1)
    pry (0.14.1)
      coderay (~> 1.1)
      method_source (~> 1.0)
    racc (1.6.0)
    rake (12.3.3)
    rubyzip (2.3.2)
    selenium-webdriver (3.142.7)
      childprocess (>= 0.5, < 4.0)
      rubyzip (>= 1.2.2)
    test-unit (3.3.9)
      power_assert
    tomlrb (1.3.0)
    websocket-driver (0.7.5)
      websocket-extensions (>= 0.1.0)
    websocket-extensions (0.1.5)

PLATFORMS
  x86_64-darwin-19

DEPENDENCIES
  bugsnag-maze-runner!
  pry

BUNDLED WITH
   2.2.20
